PATH
  remote: .
  specs:
    netflowd (0.1.0)

GEM
  remote: https://rubygems.org/
  specs:
    coveralls (0.8.22)
      json (>= 1.8, < 3)
      simplecov (~> 0.16.1)
      term-ansicolor (~> 1.3)
      thor (~> 0.19.4)
      tins (~> 1.6)
    docile (1.3.1)
    json (2.1.0)
    rake (10.5.0)
    simplecov (0.16.1)
      docile (~> 1.1)
      json (>= 1.8, < 3)
      simplecov-html (~> 0.10.0)
    simplecov-html (0.10.2)
    term-ansicolor (1.7.0)
      tins (~> 1.0)
    thor (0.19.4)
    tins (1.20.2)
    travis-lint (2.0.0)
      json
    yard (0.9.20)

PLATFORMS
  ruby

DEPENDENCIES
  bundler (~> 1.10)
  coveralls (~> 0.8)
  netflowd!
  rake (~> 10.4)
  travis-lint (~> 2.0)
  yard (~> 0.9.11)

BUNDLED WITH
   1.16.1
